GIT
  remote: git://github.com/karafka/karafka.git
  revision: f209e8af6980edb269017b06ed64facc168ffbd3
  specs:
    karafka (0.4.1)
      activesupport (>= 4.2.5)
      celluloid (>= 0.17)
      envlogic
      poseidon (>= 0.0.5)
      poseidon_cluster
      rake (~> 10.4)
      sidekiq (~> 4.0)
      thor (~> 0.19)
      waterdrop
      worker-glass

PATH
  remote: ../../mongoid_blog_demo_domain_model
  specs:
    mongoid_blog_demo_domain_model (0.1.0)
      mongoid (= 5.1.2)
      mongoid-sadstory (= 0.0.2)
      waterdrop (= 0.3.0)

GEM
  remote: https://rubygems.org/
  specs:
    activemodel (4.2.6)
      activesupport (= 4.2.6)
      builder (~> 3.1)
    activesupport (4.2.6)
      i18n (~> 0.7)
      json (~> 1.7, >= 1.7.7)
      minitest (~> 5.1)
      thread_safe (~> 0.3, >= 0.3.4)
      tzinfo (~> 1.1)
    bson (4.0.4)
    builder (3.2.2)
    celluloid (0.17.3)
      celluloid-essentials
      celluloid-extras
      celluloid-fsm
      celluloid-pool
      celluloid-supervision
      timers (>= 4.1.1)
    celluloid-essentials (0.20.5)
      timers (>= 4.1.1)
    celluloid-extras (0.20.5)
      timers (>= 4.1.1)
    celluloid-fsm (0.20.5)
      timers (>= 4.1.1)
    celluloid-pool (0.20.5)
      timers (>= 4.1.1)
    celluloid-supervision (0.20.5)
      timers (>= 4.1.1)
    concurrent-ruby (1.0.1)
    connection_pool (2.2.0)
    envlogic (1.0.1)
      activesupport
    hitimes (1.2.3)
    i18n (0.7.0)
    json (1.8.3)
    minitest (5.8.4)
    mongo (2.2.4)
      bson (~> 4.0)
    mongoid (5.1.2)
      activemodel (~> 4.0)
      mongo (~> 2.1)
      origin (~> 2.2)
      tzinfo (>= 0.3.37)
    mongoid-sadstory (0.0.2)
      mongoid
    null-logger (0.1.1)
    origin (2.2.0)
    poseidon (0.0.5)
    poseidon_cluster (0.3.3)
      poseidon (>= 0.0.5, < 0.1.0)
      zk
    rake (10.5.0)
    redis (3.2.2)
    ruby-kafka (0.3.2)
    sidekiq (4.1.1)
      concurrent-ruby (~> 1.0)
      connection_pool (~> 2.2, >= 2.2.0)
      redis (~> 3.2, >= 3.2.1)
    thor (0.19.1)
    thread_safe (0.3.5)
    timers (4.1.1)
      hitimes
    tzinfo (1.2.2)
      thread_safe (~> 0.1)
    waterdrop (0.3.0)
      bundler
      connection_pool
      null-logger
      rake
      ruby-kafka
    worker-glass (0.2.1)
      activesupport
      null-logger
    zk (1.9.6)
      zookeeper (~> 1.4.0)
    zookeeper (1.4.11)

PLATFORMS
  ruby

DEPENDENCIES
  karafka!
  mongoid_blog_demo_domain_model!

BUNDLED WITH
   1.11.2
